GEM
  remote: http://rubygems.org/
  specs:
    addressable (2.3.5)
    bourbon (3.1.8)
      sass (>= 3.2.0)
      thor
    celluloid (0.15.2)
      timers (~> 1.1.0)
    coderay (1.1.0)
    cssmin (1.0.3)
    execjs (2.0.2)
    ffi (1.9.3)
    formatador (0.2.4)
    guard (2.2.4)
      formatador (>= 0.2.4)
      listen (~> 2.1)
      lumberjack (~> 1.0)
      pry (>= 0.9.12)
      thor (>= 0.18.1)
    guard-bundler (2.0.0)
      bundler (~> 1.0)
      guard (~> 2.2)
    guard-jammit (1.0.1)
      guard (>= 1.1.0)
      jammit
    guard-sass (1.3.2)
      guard (>= 1.1.0)
      sass (>= 3.1)
    guard-shell (0.5.2)
      guard (>= 1.1.0)
    guard-shopifytheme (0.0.1)
      guard (~> 2.0)
      shopify_theme (>= 0.0.13)
    httparty (0.11.0)
      multi_json (~> 1.0)
      multi_xml (>= 0.5.2)
    jammit (0.6.6)
      cssmin (>= 1.0.3)
      jsmin (>= 1.0.1)
    jsmin (1.0.1)
    json (1.5.5)
    launchy (2.4.0)
      addressable (~> 2.3)
    listen (2.2.0)
      celluloid (>= 0.15.2)
      rb-fsevent (>= 0.9.3)
      rb-inotify (>= 0.9)
    lumberjack (1.0.4)
    method_source (0.8.2)
    multi_json (1.8.2)
    multi_xml (0.5.5)
    neat (1.5.0)
      bourbon (>= 2.1)
      sass (>= 3.2)
    pry (0.9.12.3)
      coderay (~> 1.0)
      method_source (~> 0.8)
      slop (~> 3.4)
    rb-fsevent (0.9.3)
    rb-inotify (0.9.2)
      ffi (>= 0.5.0)
    sass (3.2.12)
    shopify_theme (0.0.13)
      httparty (~> 0.11)
      json (~> 1.5.4)
      launchy
      listen (~> 2.0)
      thor (>= 0.14.4)
    slop (3.4.7)
    thor (0.18.1)
    timers (1.1.0)
    uglifier (2.2.1)
      execjs (>= 0.3.0)
      multi_json (~> 1.0, >= 1.0.2)

PLATFORMS
  ruby

DEPENDENCIES
  bourbon
  guard
  guard-bundler
  guard-jammit
  guard-sass
  guard-shell
  guard-shopifytheme
  jammit
  neat
  sass
  shopify_theme
  uglifier
